GEM
  remote: https://rubygems.org/
  specs:
    haml (6.1.2)
      temple (>= 0.8.2)
      thor
      tilt
    prettier (4.0.2)
      syntax_tree (>= 4.0.1)
      syntax_tree-haml (>= 2.0.0)
      syntax_tree-rbs (>= 0.2.0)
    prettier_print (1.2.1)
    rbs (3.2.1)
    syntax_tree (6.1.1)
      prettier_print (>= 1.2.0)
    syntax_tree-haml (4.0.3)
      haml (>= 5.2)
      prettier_print (>= 1.2.1)
      syntax_tree (>= 6.0.0)
    syntax_tree-rbs (1.0.0)
      prettier_print
      rbs
      syntax_tree (>= 2.0.1)
    temple (0.10.2)
    thor (1.2.2)
    tilt (2.2.0)

PLATFORMS
  x86_64-linux

DEPENDENCIES
  prettier

BUNDLED WITH
   2.4.19
